GEM
  remote: https://rubygems.org/
  specs:
    curb (0.8.8)
    trollop (2.1.2)

PLATFORMS
  ruby

DEPENDENCIES
  curb
  trollop (~> 2.0)
