GEM
  remote: https://rubygems.org/
  specs:
    curb (0.8.5)
    trollop (2.0)

PLATFORMS
  ruby

DEPENDENCIES
  curb
  trollop (~> 2.0)
